PATH
  remote: .
  specs:
    guard-template (0.0.1)

GEM
  remote: http://rubygems.org/
  specs:
    guard (0.8.8)
      thor (~> 0.14.6)
    thor (0.14.6)

PLATFORMS
  ruby

DEPENDENCIES
  guard
  guard-template!
